GEM
  remote: https://rubygems.org/
  specs:
    aws-sdk (2.10.129)
      aws-sdk-resources (= 2.10.129)
    aws-sdk-core (2.10.129)
      aws-sigv4 (~> 1.0)
      jmespath (~> 1.0)
    aws-sdk-resources (2.10.129)
      aws-sdk-core (= 2.10.129)
    aws-sigv4 (1.0.2)
    jmespath (1.3.1)

PLATFORMS
  ruby

DEPENDENCIES
  aws-sdk (= 2.10.129)

BUNDLED WITH
   1.15.0
